GEM
  remote: http://rubygems.org/
  specs:
    foreman (0.62.0)
      thor (>= 0.13.6)
    thor (0.18.1)

PLATFORMS
  ruby

DEPENDENCIES
  foreman (~> 0.62.0)
